GEM
  remote: http://rubygems.org/
  specs:
    activemodel (4.0.0)
      activesupport (= 4.0.0)
      builder (~> 3.1.0)
    activesupport (4.0.0)
      i18n (~> 0.6, >= 0.6.4)
      minitest (~> 4.2)
      multi_json (~> 1.3)
      thread_safe (~> 0.1)
      tzinfo (~> 0.3.37)
    bson (3.2.6)
    builder (3.1.4)
    connection_pool (2.2.0)
    diff-lcs (1.2.5)
    ethon (0.7.3)
      ffi (>= 1.3.0)
    ffi (1.9.8)
    i18n (0.6.11)
    minitest (4.7.5)
    mongoid (4.0.0)
      activemodel (~> 4.0)
      moped (~> 2.0.0)
      origin (~> 2.1)
      tzinfo (>= 0.3.37)
    moped (2.0.7)
      bson (~> 3.0)
      connection_pool (~> 2.0)
      optionable (~> 0.2.0)
    multi_json (1.10.1)
    optionable (0.2.0)
    origin (2.1.1)
    rack (1.6.0)
    rack-protection (1.5.3)
      rack
    rspec (3.2.0)
      rspec-core (~> 3.2.0)
      rspec-expectations (~> 3.2.0)
      rspec-mocks (~> 3.2.0)
    rspec-core (3.2.2)
      rspec-support (~> 3.2.0)
    rspec-expectations (3.2.0)
      diff-lcs (>= 1.2.0, < 2.0)
      rspec-support (~> 3.2.0)
    rspec-mocks (3.2.1)
      diff-lcs (>= 1.2.0, < 2.0)
      rspec-support (~> 3.2.0)
    rspec-support (3.2.2)
    sinatra (1.4.6)
      rack (~> 1.4)
      rack-protection (~> 1.4)
      tilt (>= 1.3, < 3)
    thread_safe (0.3.4)
    tilt (2.0.1)
    timezone (0.3.11)
    typhoeus (0.7.1)
      ethon (>= 0.7.1)
    tzinfo (0.3.41)

PLATFORMS
  ruby

DEPENDENCIES
  mongoid
  rspec
  sinatra
  timezone
  typhoeus

BUNDLED WITH
   1.11.2
